GEM
  remote: https://rubygems.org/
  specs:
    aasm (4.11.1)
    actionmailer (4.2.7)
      actionpack (= 4.2.7)
      actionview (= 4.2.7)
      activejob (= 4.2.7)
      mail (~> 2.5, >= 2.5.4)
      rails-dom-testing (~> 1.0, >= 1.0.5)
    actionpack (4.2.7)
      actionview (= 4.2.7)
      activesupport (= 4.2.7)
      rack (~> 1.6)
      rack-test (~> 0.6.2)
      rails-dom-testing (~> 1.0, >= 1.0.5)
      rails-html-sanitizer (~> 1.0, >= 1.0.2)
    actionview (4.2.7)
      activesupport (= 4.2.7)
      builder (~> 3.1)
      erubis (~> 2.7.0)
      rails-dom-testing (~> 1.0, >= 1.0.5)
      rails-html-sanitizer (~> 1.0, >= 1.0.2)
    activejob (4.2.7)
      activesupport (= 4.2.7)
      globalid (>= 0.3.0)
    activemodel (4.2.7)
      activesupport (= 4.2.7)
      builder (~> 3.1)
    activerecord (4.2.7)
      activemodel (= 4.2.7)
      activesupport (= 4.2.7)
      arel (~> 6.0)
    activesupport (4.2.7)
      i18n (~> 0.7)
      json (~> 1.7, >= 1.7.7)
      minitest (~> 5.1)
      thread_safe (~> 0.3, >= 0.3.4)
      tzinfo (~> 1.1)
    arel (6.0.3)
    builder (3.2.2)
    codeclimate-test-reporter (0.6.0)
      simplecov (>= 0.7.1, < 1.0.0)
    docile (1.1.5)
    erubis (2.7.0)
    execjs (2.7.0)
    foundation-rails (5.2.3.0)
      railties (>= 3.1.0)
      sass (>= 3.2.0)
    globalid (0.3.7)
      activesupport (>= 4.1.0)
    hike (1.2.3)
    i18n (0.7.0)
    jquery-rails (4.2.1)
      rails-dom-testing (>= 1, < 3)
      railties (>= 4.2.0)
      thor (>= 0.14, < 2.0)
    json (1.8.3)
    loofah (2.0.3)
      nokogiri (>= 1.5.9)
    mail (2.6.4)
      mime-types (>= 1.16, < 4)
    metaclass (0.0.4)
    mime-types (3.1)
      mime-types-data (~> 3.2015)
    mime-types-data (3.2016.0521)
    mini_portile2 (2.1.0)
    minitest (5.9.1)
    mocha (1.1.0)
      metaclass (~> 0.0.1)
    multi_json (1.12.1)
    nokogiri (1.6.8.1)
      mini_portile2 (~> 2.1.0)
    pg (0.17.1)
    rack (1.6.4)
    rack-test (0.6.3)
      rack (>= 1.0)
    rails (4.2.7)
      actionmailer (= 4.2.7)
      actionpack (= 4.2.7)
      actionview (= 4.2.7)
      activejob (= 4.2.7)
      activemodel (= 4.2.7)
      activerecord (= 4.2.7)
      activesupport (= 4.2.7)
      bundler (>= 1.3.0, < 2.0)
      railties (= 4.2.7)
      sprockets-rails
    rails-deprecated_sanitizer (1.0.3)
      activesupport (>= 4.2.0.alpha)
    rails-dom-testing (1.0.7)
      activesupport (>= 4.2.0.beta, < 5.0)
      nokogiri (~> 1.6.0)
      rails-deprecated_sanitizer (>= 1.0.1)
    rails-html-sanitizer (1.0.3)
      loofah (~> 2.0)
    railties (4.2.7)
      actionpack (= 4.2.7)
      activesupport (= 4.2.7)
      rake (>= 0.8.7)
      thor (>= 0.18.1, < 2.0)
    rake (11.3.0)
    rdoc (4.2.2)
      json (~> 1.4)
    sass (3.2.19)
    sass-rails (4.0.5)
      railties (>= 4.0.0, < 5.0)
      sass (~> 3.2.2)
      sprockets (~> 2.8, < 3.0)
      sprockets-rails (~> 2.0)
    sdoc (0.4.2)
      json (~> 1.7, >= 1.7.7)
      rdoc (~> 4.0)
    simplecov (0.12.0)
      docile (~> 1.1.0)
      json (>= 1.8, < 3)
      simplecov-html (~> 0.10.0)
    simplecov-html (0.10.0)
    slim (2.0.3)
      temple (~> 0.6.6)
      tilt (>= 1.3.3, < 2.1)
    spring (2.0.0)
      activesupport (>= 4.2)
    sprockets (2.12.4)
      hike (~> 1.2)
      multi_json (~> 1.0)
      rack (~> 1.0)
      tilt (~> 1.1, != 1.3.0)
    sprockets-rails (2.3.3)
      actionpack (>= 3.0)
      activesupport (>= 3.0)
      sprockets (>= 2.8, < 4.0)
    temple (0.6.10)
    thor (0.19.1)
    thread_safe (0.3.5)
    tilt (1.4.1)
    tzinfo (1.2.2)
      thread_safe (~> 0.1)
    uglifier (3.0.2)
      execjs (>= 0.3.0, < 3)

PLATFORMS
  ruby

DEPENDENCIES
  aasm (~> 4.11.1)
  codeclimate-test-reporter
  foundation-rails (~> 5.2.3)
  jquery-rails
  mocha (~> 1.1.0)
  pg (~> 0.17.1)
  rails (= 4.2.7)
  sass-rails (~> 4.0.3)
  sdoc (~> 0.4.0)
  slim (~> 2.0.3)
  spring
  uglifier (>= 1.3.0)

RUBY VERSION
   ruby 2.3.1p112

BUNDLED WITH
   1.13.5
